GEM
  remote: https://rubygems.org/
  specs:
    minitest (5.14.2)
    ruby2d (0.11.1)

PLATFORMS
  x64-mingw32

DEPENDENCIES
  minitest
  ruby2d

BUNDLED WITH
   2.2.31
